GEM
  remote: https://rubygems.org/
  remote: http://gems.github.com/
  specs:
    addressable (2.2.7)
    diff-lcs (1.1.3)
    faraday (0.7.6)
      addressable (~> 2.2)
      multipart-post (~> 1.1)
      rack (~> 1.1)
    gdata (1.1.2)
    google-spreadsheet-ruby (0.1.6)
      nokogiri (>= 1.4.3.1)
      oauth (>= 0.3.6)
      oauth2 (>= 0.5.0)
    multi_json (1.0.4)
    multipart-post (1.1.5)
    nokogiri (1.5.0-x86-mingw32)
    oauth (0.4.5)
    oauth2 (0.5.2)
      faraday (~> 0.7)
      multi_json (~> 1.0)
    rack (1.4.1)
    rspec (2.8.0)
      rspec-core (~> 2.8.0)
      rspec-expectations (~> 2.8.0)
      rspec-mocks (~> 2.8.0)
    rspec-core (2.8.0)
    rspec-expectations (2.8.0)
      diff-lcs (~> 1.1.2)
    rspec-mocks (2.8.0)

PLATFORMS
  x86-mingw32

DEPENDENCIES
  gdata
  google-spreadsheet-ruby
  nokogiri
  rspec
